GEM
  remote: http://rubygems.org/
  specs:
    configuration (1.2.0)
    github (0.6.0)
      highline (~> 1.5.1)
      json (~> 1.4.6)
      launchy (~> 0.3.7)
      text-format (= 1.0.0)
    highline (1.5.2)
    json (1.4.6)
    launchy (0.3.7)
      configuration (>= 0.0.5)
      rake (>= 0.8.1)
    rake (0.8.7)
    rb-appscript (0.6.0)
    terminitor (0.4.1)
      github (~> 0.6.0)
      rb-appscript
      text-format (= 1.0.0)
      text-hyphen (= 1.0.0)
      thor (~> 0.14.0)
    text-format (1.0.0)
      text-hyphen (~> 1.0.0)
    text-hyphen (1.0.0)
    thor (0.14.6)

PLATFORMS
  ruby

DEPENDENCIES
  rake
  terminitor
